PATH
  remote: .
  specs:
    framegrabber (0.1.0)
      pkg-config (~> 1.4)
      rmagick (>= 4, < 6)

GEM
  remote: https://rubygems.org/
  specs:
    diff-lcs (1.5.0)
    pkg-config (1.4.9)
    rake (13.0.6)
    rake-compiler (1.2.0)
      rake
    rmagick (5.3.0)
      pkg-config (~> 1.4)
    rspec (3.11.0)
      rspec-core (~> 3.11.0)
      rspec-expectations (~> 3.11.0)
      rspec-mocks (~> 3.11.0)
    rspec-core (3.11.0)
      rspec-support (~> 3.11.0)
    rspec-expectations (3.11.0)
      diff-lcs (>= 1.2.0, < 2.0)
      rspec-support (~> 3.11.0)
    rspec-mocks (3.11.1)
      diff-lcs (>= 1.2.0, < 2.0)
      rspec-support (~> 3.11.0)
    rspec-support (3.11.0)

PLATFORMS
  arm64-darwin-21
  x86_64-linux

DEPENDENCIES
  framegrabber!
  rake (~> 13.0)
  rake-compiler (~> 1.0)
  rspec (~> 3.0)

BUNDLED WITH
   2.3.9
